PATH
  remote: .
  specs:
    crypt-isaac (0.9.4)

GEM
  remote: http://rubygems.org/
  specs:
    rake (0.9.2.2)
    shoulda-context (1.0.0)

PLATFORMS
  ruby

DEPENDENCIES
  crypt-isaac!
  rake
  shoulda-context
